GEM
  remote: https://rubygems.org/
  specs:
    coderay (1.1.2)
    concurrent-ruby (1.1.6)
    deep_merge (1.2.1)
    diff-lcs (1.3)
    dry-inflector (0.2.0)
    json (2.3.0)
    jwt (2.2.1)
    little-plugger (1.1.4)
    logging (2.2.2)
      little-plugger (~> 1.1)
      multi_json (~> 1.10)
    method_source (1.0.0)
    multi_json (1.14.1)
    nio4r (2.5.2)
    pry (0.13.1)
      coderay (~> 1.1)
      method_source (~> 1.0)
    puma (4.3.5)
      nio4r (~> 2.0)
    rack (2.2.2)
    rack-test (1.1.0)
      rack (>= 1.0, < 3)
    racksh (1.0.0)
      rack (>= 1.0)
      rack-test (>= 0.5)
    rake (13.0.1)
    roda (3.32.0)
      rack
    rspec (3.9.0)
      rspec-core (~> 3.9.0)
      rspec-expectations (~> 3.9.0)
      rspec-mocks (~> 3.9.0)
    rspec-core (3.9.2)
      rspec-support (~> 3.9.3)
    rspec-expectations (3.9.2)
      diff-lcs (>= 1.2.0, < 2.0)
      rspec-support (~> 3.9.0)
    rspec-its (1.2.0)
      rspec-core (>= 3.0.0)
      rspec-expectations (>= 3.0.0)
    rspec-mocks (3.9.1)
      diff-lcs (>= 1.2.0, < 2.0)
      rspec-support (~> 3.9.0)
    rspec-roda (0.2.2)
      dry-inflector
      rack-test (~> 1.0)
      roda
      rspec (~> 3.7)
      rspec-its (~> 1.2.0)
    rspec-support (3.9.3)
    skn_utils (5.7.0)
      concurrent-ruby (~> 1)
      deep_merge (~> 1)
      thor (~> 0)
    thor (0.20.3)

PLATFORMS
  ruby

DEPENDENCIES
  json
  jwt
  logging
  pry
  puma
  rack-test
  racksh
  rake
  roda
  rspec
  rspec-roda
  skn_utils

BUNDLED WITH
   1.17.2
